GEM
  remote: https://rubygems.org/
  specs:
    dropbox-sdk (1.5.1)
      json
    json (1.8.0)

PLATFORMS
  ruby

DEPENDENCIES
  dropbox-sdk (= 1.5.1)
